STORAGE: NONE
NUGET
  remote: https://www.nuget.org/api/v2
    Argu (6.2.4)
      FSharp.Core (>= 6.0.7) - restriction: >= netstandard2.0
      System.Configuration.ConfigurationManager (>= 4.4) - restriction: >= netstandard2.0
    Expecto (10.2.1)
      FSharp.Core (>= 7.0.200) - restriction: >= net6.0
      Mono.Cecil (>= 0.11.4 < 1.0) - restriction: >= net6.0
    Fable.JsonConverter (1.0.8)
      FSharp.Core (>= 4.2.3) - restriction: || (>= net45) (>= netstandard1.6)
      Newtonsoft.Json (>= 11.0.1) - restriction: || (>= net45) (>= netstandard1.6)
    Fable.Remoting.Json (2.24)
      FSharp.Core (>= 6.0) - restriction: || (>= net462) (>= netstandard2.0)
      Newtonsoft.Json (>= 12.0.2) - restriction: || (>= net462) (>= netstandard2.0)
    FSharp.Core (8.0.400)
    Mono.Cecil (0.11.5) - restriction: >= net6.0
    Newtonsoft.Json (13.0.3) - restriction: || (>= net45) (>= netstandard1.6)
    Serilog (4.0.2)
      System.Diagnostics.DiagnosticSource (>= 8.0.1) - restriction: || (&& (>= net462) (< netstandard2.0)) (&& (< net462) (< net6.0) (>= netstandard2.0)) (>= net471)
      System.Threading.Channels (>= 8.0) - restriction: || (&& (>= net462) (< netstandard2.0)) (&& (< net462) (< net6.0) (>= netstandard2.0)) (>= net471)
      System.ValueTuple (>= 4.5) - restriction: && (>= net462) (< netstandard2.0)
    Serilog.Sinks.Console (6.0)
      Serilog (>= 4.0) - restriction: || (&& (>= net462) (< netstandard2.0)) (&& (< net462) (>= netstandard2.0)) (>= net471) (>= net6.0)
    Serilog.Sinks.TestCorrelator (4.0)
      Serilog (>= 3.1.1) - restriction: || (&& (>= net462) (< netstandard2.0)) (&& (< net462) (>= netstandard2.0)) (>= net471) (>= net6.0)
      System.Collections.Immutable (>= 8.0) - restriction: || (&& (>= net462) (< netstandard2.0)) (&& (< net462) (>= netstandard2.0)) (>= net471) (>= net6.0)
      System.Reactive (>= 6.0.1) - restriction: || (&& (>= net462) (< netstandard2.0)) (&& (< net462) (>= netstandard2.0)) (>= net471) (>= net6.0)
    Suave.Testing (2.2.1)
      Expecto (>= 4.0.3)
      FSharp.Core (>= 4.0.0.1)
      Suave (>= 2.2.1)
    System.Buffers (4.5.1) - restriction: || (&& (>= monoandroid) (< netstandard1.1) (>= netstandard2.0)) (&& (< monoandroid) (< netstandard1.1) (>= netstandard2.0) (< win8)) (&& (>= monotouch) (>= net462)) (&& (>= monotouch) (>= netstandard2.0)) (&& (< net45) (< netcoreapp2.0) (>= netstandard2.0)) (&& (>= net461) (< net462) (>= netstandard2.0)) (&& (>= net462) (< netstandard1.1)) (&& (>= net462) (< netstandard2.0)) (>= net471) (&& (< net6.0) (>= netstandard2.0) (>= xamarintvos)) (&& (< net6.0) (>= netstandard2.0) (>= xamarinwatchos)) (&& (< net6.0) (>= xamarinios)) (&& (< net6.0) (>= xamarinmac)) (&& (< netstandard1.1) (>= netstandard2.0) (>= win8))
    System.Collections.Immutable (8.0) - restriction: || (&& (>= net462) (< netstandard2.0)) (&& (< net462) (>= netstandard2.0)) (>= net471) (>= net6.0)
      System.Memory (>= 4.5.5) - restriction: || (>= net462) (&& (< net6.0) (>= netstandard2.0))
      System.Runtime.CompilerServices.Unsafe (>= 6.0) - restriction: || (>= net462) (&& (>= net6.0) (< net7.0)) (&& (< net6.0) (>= netstandard2.0))
    System.Configuration.ConfigurationManager (8.0) - restriction: >= netstandard2.0
      System.Diagnostics.EventLog (>= 8.0) - restriction: >= net7.0
      System.Security.Cryptography.ProtectedData (>= 8.0) - restriction: || (&& (< net462) (>= netstandard2.0)) (>= net6.0)
    System.Diagnostics.DiagnosticSource (8.0.1) - restriction: || (&& (>= net462) (< netstandard2.0)) (&& (< net462) (< net6.0) (>= netstandard2.0)) (>= net471)
      System.Memory (>= 4.5.5) - restriction: || (>= net462) (&& (< net6.0) (>= netstandard2.0))
      System.Runtime.CompilerServices.Unsafe (>= 6.0) - restriction: || (>= net462) (&& (>= net6.0) (< net7.0)) (&& (< net6.0) (>= netstandard2.0))
    System.Diagnostics.EventLog (8.0) - restriction: >= net7.0
    System.Memory (4.5.5) - restriction: || (&& (>= net462) (< netstandard2.0)) (&& (< net462) (< net6.0) (>= netstandard2.0)) (>= net471)
      System.Buffers (>= 4.5.1) - restriction: || (&& (>= monoandroid) (< netstandard1.1)) (&& (< monoandroid) (< net45) (>= netstandard1.1) (< netstandard2.0) (< win8) (< wpa81)) (&& (< monoandroid) (< netstandard1.1) (>= portable-net45+win8+wpa81) (< win8)) (>= monotouch) (&& (>= net45) (< netstandard2.0)) (&& (< net45) (< netcoreapp2.0) (>= netstandard2.0)) (>= net461) (&& (< netstandard1.1) (>= win8)) (&& (< netstandard2.0) (< uap10.1) (>= wpa81)) (>= xamarinios) (>= xamarinmac) (>= xamarintvos) (>= xamarinwatchos)
      System.Numerics.Vectors (>= 4.4) - restriction: && (< net45) (< netcoreapp2.0) (>= netstandard2.0) (< xamarinios) (< xamarinmac) (< xamarintvos) (< xamarinwatchos)
      System.Numerics.Vectors (>= 4.5) - restriction: >= net461
      System.Runtime.CompilerServices.Unsafe (>= 4.5.3) - restriction: || (&& (>= monoandroid) (< netstandard1.1)) (&& (< monoandroid) (< net45) (>= netstandard1.1) (< netstandard2.0) (< win8) (< wpa81)) (&& (< monoandroid) (>= netcoreapp2.0) (< netcoreapp2.1)) (&& (< monoandroid) (< netstandard1.1) (>= portable-net45+win8+wpa81) (< win8)) (>= monotouch) (&& (>= net45) (< netstandard2.0)) (&& (< net45) (< netcoreapp2.0) (>= netstandard2.0)) (>= net461) (&& (< netstandard1.1) (>= win8)) (&& (< netstandard2.0) (>= wpa81)) (>= uap10.1) (>= xamarinios) (>= xamarinmac) (>= xamarintvos) (>= xamarinwatchos)
    System.Numerics.Vectors (4.5) - restriction: || (&& (< net45) (< netcoreapp2.0) (>= netstandard2.0) (< xamarinios) (< xamarinmac) (< xamarintvos) (< xamarinwatchos)) (&& (>= net461) (< net462) (>= netstandard2.0)) (&& (>= net462) (< netstandard2.0)) (>= net471)
    System.Reactive (6.0.1) - restriction: || (&& (>= net462) (< netstandard2.0)) (&& (< net462) (>= netstandard2.0)) (>= net471) (>= net6.0)
      System.Threading.Tasks.Extensions (>= 4.5.4) - restriction: || (>= net472) (&& (< net6.0) (>= netstandard2.0)) (>= uap10.1)
    System.Runtime.CompilerServices.Unsafe (6.0) - restriction: || (&& (>= monoandroid) (< netstandard1.1) (>= netstandard2.0)) (&& (< monoandroid) (>= netcoreapp2.0) (< netcoreapp2.1)) (&& (< monoandroid) (< netstandard1.0) (>= netstandard2.0) (< win8)) (&& (< monoandroid) (< netstandard1.1) (>= netstandard2.0) (< win8)) (&& (>= monotouch) (>= net462)) (&& (>= monotouch) (>= netstandard2.0)) (&& (< net45) (>= net472)) (&& (< net45) (< netcoreapp2.0) (>= netstandard2.0)) (&& (< net45) (< netcoreapp2.1) (>= netstandard2.0) (< xamarinios) (< xamarinmac) (< xamarintvos) (< xamarinwatchos)) (&& (>= net461) (< net462) (>= netstandard2.0)) (&& (>= net462) (>= net6.0)) (&& (>= net462) (< netstandard1.1)) (&& (>= net462) (< netstandard2.0)) (&& (>= net462) (>= uap10.1)) (&& (< net462) (>= net472)) (&& (< net462) (< net6.0) (>= netstandard2.0)) (>= net471) (&& (>= net472) (>= net6.0)) (&& (>= net472) (< netstandard1.0)) (&& (>= net472) (< netstandard2.0)) (&& (>= net472) (>= wp8)) (&& (>= net6.0) (< net7.0)) (&& (>= net6.0) (>= uap10.1)) (&& (< net6.0) (>= netstandard2.0) (>= xamarintvos)) (&& (< net6.0) (>= netstandard2.0) (>= xamarinwatchos)) (&& (< net6.0) (>= xamarinios)) (&& (< net6.0) (>= xamarinmac)) (&& (< netstandard1.0) (>= netstandard2.0) (>= win8)) (&& (< netstandard1.1) (>= netstandard2.0) (>= win8)) (&& (>= netstandard2.0) (>= uap10.1)) (&& (>= netstandard2.0) (>= wp8))
    System.Security.Cryptography.ProtectedData (8.0) - restriction: || (&& (< net462) (>= netstandard2.0)) (>= net6.0)
      System.Memory (>= 4.5.5) - restriction: && (< net462) (< net6.0) (>= netstandard2.0)
    System.Threading.Channels (8.0) - restriction: || (&& (>= net462) (< netstandard2.0)) (&& (< net462) (< net6.0) (>= netstandard2.0)) (>= net471)
      System.Threading.Tasks.Extensions (>= 4.5.4) - restriction: || (>= net462) (&& (>= netstandard2.0) (< netstandard2.1))
    System.Threading.Tasks.Extensions (4.5.4) - restriction: || (&& (>= net462) (< netstandard2.0)) (&& (>= net462) (>= uap10.1)) (&& (< net462) (>= net472)) (&& (< net462) (< net6.0) (>= netstandard2.0)) (&& (< net462) (>= netstandard2.0) (< netstandard2.1)) (>= net471) (&& (>= net472) (>= net6.0)) (&& (>= net472) (< netstandard2.0)) (&& (>= net6.0) (>= uap10.1)) (&& (>= netstandard2.0) (>= uap10.1))
      System.Runtime.CompilerServices.Unsafe (>= 4.5.3) - restriction: || (&& (< monoandroid) (< monotouch) (< net45) (>= netstandard1.0) (< netstandard2.0) (< win8) (< wpa81) (< xamarintvos) (< xamarinwatchos)) (&& (< monoandroid) (< netstandard1.0) (>= portable-net45+win8+wp8+wpa81) (< win8)) (&& (>= net45) (< netstandard2.0)) (&& (< net45) (< netcoreapp2.1) (>= netstandard2.0) (< xamarinios) (< xamarinmac) (< xamarintvos) (< xamarinwatchos)) (>= net461) (&& (< netstandard1.0) (>= win8)) (&& (< netstandard2.0) (>= wpa81)) (>= wp8)
    System.ValueTuple (4.5) - restriction: && (>= net462) (< netstandard2.0)
  remote: ../nugets
    Suave (2.7.0-ns)
      FSharp.Core  - restriction: >= netstandard2.0

GROUP Build
RESTRICTION: >= net45
NUGET
  remote: https://www.nuget.org/api/v2
    FAKE (5.16)
    Octokit (13.0.1)
GITHUB
  remote: fsharp/FAKE
    modules/Octokit/Octokit.fsx (c40f2a0a0820a53fc6bda9907a15fb79245ccb7c)
      Octokit (>= 0.20)